GEM
  remote: https://rubygems.org/
  specs:
    webrick (1.8.1)

PLATFORMS
  x86_64-linux

DEPENDENCIES
  webrick (~> 1.8)

RUBY VERSION
   ruby 3.1.2p20

BUNDLED WITH
   2.4.12
